GEM
  remote: http://rubygems.org/
  specs:
    aws-s3 (0.6.2)
      builder
      mime-types
      xml-simple
    builder (3.0.0)
    haml (3.1.4)
    i18n (0.6.0)
    json (1.6.5)
    mail (2.4.1)
      i18n (>= 0.4.0)
      mime-types (~> 1.16)
      treetop (~> 1.4.8)
    mime-types (1.17.2)
    polyglot (0.3.3)
    posterous (0.2.9)
      json
      typhoeus
    redcarpet (2.1.0)
    require_all (1.2.1)
    tilt (1.3.3)
    treetop (1.4.10)
      polyglot
      polyglot (>= 0.3.1)
    typhoeus (0.3.3)
      mime-types
    xml-simple (1.1.1)

PLATFORMS
  ruby

DEPENDENCIES
  aws-s3
  haml
  mail
  posterous
  redcarpet
  require_all
  tilt
